GEM
  remote: https://rubygems.org/
  specs:
    dotenv (2.7.6)
    excon (0.93.0)
    nokogiri (1.13.8-arm64-darwin)
      racc (~> 1.4)
    racc (1.6.0)

PLATFORMS
  arm64-darwin-21

DEPENDENCIES
  dotenv
  excon
  nokogiri

BUNDLED WITH
   2.3.3
